GEM
  remote: https://rubygems.org/
  specs:
    activerecord (2.3.18)
      activesupport (= 2.3.18)
    activesupport (2.3.18)
    metaclass (0.0.1)
    mocha (0.13.3)
      metaclass (~> 0.0.1)
    shoulda (2.11.3)
    sqlite3 (1.3.8)

PLATFORMS
  ruby

DEPENDENCIES
  activerecord (~> 2.2)
  mocha
  shoulda (= 2.11.3)
  sqlite3
